GEM
  remote: https://rubygems.org/
  specs:

PLATFORMS
  -darwin-20

DEPENDENCIES

BUNDLED WITH
   2.3.14
